GEM
  remote: http://rubygems.org/
  specs:
    amq-protocol (2.2.0)
    bson (4.2.2)
    bunny (2.7.2)
      amq-protocol (>= 2.2.0)
    mongo (2.4.3)
      bson (>= 4.2.1, < 5.0.0)

PLATFORMS
  ruby

DEPENDENCIES
  bunny
  mongo

BUNDLED WITH
   1.16.2
